GIT
  remote: git://github.com/ruenzuo/xcodeproj
  revision: c6dd63b3cdd5f194c7b5be61a7a2ae655f26d56f
  branch: resolve_build_setting
  specs:
    xcodeproj (1.4.3)
      CFPropertyList (~> 2.3.3)
      activesupport (>= 3)
      claide (>= 1.0.1, < 2.0)
      colored2 (~> 3.1)
      nanaimo (~> 0.2.3)

GEM
  remote: https://rubygems.org/
  specs:
    CFPropertyList (2.3.5)
    activesupport (4.2.8)
      i18n (~> 0.7)
      minitest (~> 5.1)
      thread_safe (~> 0.3, >= 0.3.4)
      tzinfo (~> 1.1)
    claide (1.0.1)
    colored2 (3.1.2)
    i18n (0.8.1)
    minitest (5.10.1)
    nanaimo (0.2.3)
    thread_safe (0.3.6)
    tzinfo (1.2.3)
      thread_safe (~> 0.1)

PLATFORMS
  ruby

DEPENDENCIES
  xcodeproj!

BUNDLED WITH
   1.14.6
